GIT
  remote: https://github.com/MiniProfiler/rack-mini-profiler.git
  revision: a95ccd3bd07af7d5757778fce576d293532591c8
  specs:
    rack-mini-profiler (1.0.2)
      rack (>= 1.2.0)

GEM
  remote: https://rubygems.org/
  remote: https://rails-assets.org/
  specs:
    actioncable (5.1.6.2)
      actionpack (= 5.1.6.2)
      nio4r (~> 2.0)
      websocket-driver (~> 0.6.1)
    actionmailer (5.1.6.2)
      actionpack (= 5.1.6.2)
      actionview (= 5.1.6.2)
      activejob (= 5.1.6.2)
      mail (~> 2.5, >= 2.5.4)
      rails-dom-testing (~> 2.0)
    actionpack (5.1.6.2)
      actionview (= 5.1.6.2)
      activesupport (= 5.1.6.2)
      rack (~> 2.0)
      rack-test (>= 0.6.3)
      rails-dom-testing (~> 2.0)
      rails-html-sanitizer (~> 1.0, >= 1.0.2)
    actionview (5.1.6.2)
      activesupport (= 5.1.6.2)
      builder (~> 3.1)
      erubi (~> 1.4)
      rails-dom-testing (~> 2.0)
      rails-html-sanitizer (~> 1.0, >= 1.0.3)
    active_link_to (1.0.5)
      actionpack
      addressable
    activejob (5.1.6.2)
      activesupport (= 5.1.6.2)
      globalid (>= 0.3.6)
    activemodel (5.1.6.2)
      activesupport (= 5.1.6.2)
    activemodel-serializers-xml (1.0.2)
      activemodel (> 5.x)
      activesupport (> 5.x)
      builder (~> 3.1)
    activerecord (5.1.6.2)
      activemodel (= 5.1.6.2)
      activesupport (= 5.1.6.2)
      arel (~> 8.0)
    activesupport (5.1.6.2)
      concurrent-ruby (~> 1.0, >= 1.0.2)
      i18n (>= 0.7, < 2)
      minitest (~> 5.1)
      tzinfo (~> 1.1)
    addressable (2.7.0)
      public_suffix (>= 2.0.2, < 5.0)
    arel (8.0.0)
    ast (2.4.0)
    autoprefixer-rails (9.6.1.1)
      execjs
    awesome_print (1.8.0)
    babel-source (5.8.35)
    babel-transpiler (0.7.0)
      babel-source (>= 4.0, < 6)
      execjs (~> 2.0)
    bcrypt (3.1.13)
    bindex (0.8.1)
    brakeman (4.6.1)
    builder (3.2.3)
    bullet (6.0.2)
      activesupport (>= 3.0.0)
      uniform_notifier (~> 1.11)
    bundler-audit (0.6.1)
      bundler (>= 1.2.0, < 3)
      thor (~> 0.18)
    byebug (11.0.1)
    capybara (3.29.0)
      addressable
      mini_mime (>= 0.1.3)
      nokogiri (~> 1.8)
      rack (>= 1.6.0)
      rack-test (>= 0.6.3)
      regexp_parser (~> 1.5)
      xpath (~> 3.2)
    choice (0.2.0)
    cliver (0.3.2)
    codeclimate-test-reporter (1.0.9)
      simplecov (<= 0.13)
    coderay (1.1.2)
    coffee-rails (4.2.2)
      coffee-script (>= 2.2.0)
      railties (>= 4.0.0)
    coffee-script (2.4.1)
      coffee-script-source
      execjs
    coffee-script-source (1.12.2)
    coffeelint (1.16.1)
      coffee-script
      execjs
      json
    concurrent-ruby (1.1.5)
    crack (0.4.3)
      safe_yaml (~> 1.0.0)
    crass (1.0.5)
    css_parser (1.7.0)
      addressable
    database_cleaner (1.7.0)
    decent_decoration (0.1.0)
      decent_exposure (~> 3.0)
    decent_exposure (3.0.2)
      activesupport (>= 4.0)
    devise (4.7.1)
      bcrypt (~> 3.0)
      orm_adapter (~> 0.1)
      railties (>= 4.1.0)
      responders
      warden (~> 1.2.3)
    diff-lcs (1.3)
    docile (1.1.5)
    dotenv (2.7.5)
    dotenv-rails (2.7.5)
      dotenv (= 2.7.5)
      railties (>= 3.2, < 6.1)
    draper (3.1.0)
      actionpack (>= 5.0)
      activemodel (>= 5.0)
      activemodel-serializers-xml (>= 1.0)
      activesupport (>= 5.0)
      request_store (>= 1.0)
    email_spec (2.2.0)
      htmlentities (~> 4.3.3)
      launchy (~> 2.1)
      mail (~> 2.7)
    erubi (1.9.0)
    execjs (2.7.0)
    factory_bot (5.0.2)
      activesupport (>= 4.2.0)
    factory_bot_rails (5.0.2)
      factory_bot (~> 5.0.2)
      railties (>= 4.2.0)
    faker (2.2.1)
      i18n (>= 0.8)
    ffi (1.11.1)
    flamegraph (0.9.5)
    formatador (0.2.5)
    formulaic (0.4.1)
      activesupport
      capybara
      i18n
    foundation-icons-sass-rails (3.0.0)
      railties (>= 3.1.1)
      sass-rails (>= 3.1.1)
    foundation-rails (6.5.3.0)
      railties (>= 3.1.0)
      sass (>= 3.3.0)
      sprockets-es6 (>= 0.9.0)
    foundation_emails (2.2.1.0)
    globalid (0.4.2)
      activesupport (>= 4.2.0)
    google-analytics-rails (1.1.1)
    guard (2.15.1)
      formatador (>= 0.2.4)
      listen (>= 2.7, < 4.0)
      lumberjack (>= 1.0.12, < 2.0)
      nenv (~> 0.1)
      notiffany (~> 0.0)
      pry (>= 0.9.12)
      shellany (~> 0.0)
      thor (>= 0.18.1)
    guard-compat (1.2.1)
    guard-rspec (4.7.3)
      guard (~> 2.1)
      guard-compat (~> 1.1)
      rspec (>= 2.99.0, < 4.0)
    hashdiff (1.0.0)
    health_check (3.0.0)
      railties (>= 5.0)
    htmlentities (4.3.4)
    i18n (1.7.0)
      concurrent-ruby (~> 1.0)
    inky-rb (1.3.7.5)
      foundation_emails (~> 2)
      nokogiri
    interactor (3.1.1)
    jaro_winkler (1.5.3)
    jasmine (3.4.0)
      jasmine-core (~> 3.4.0)
      phantomjs
      rack (>= 1.2.1)
      rake
    jasmine-core (3.4.0)
    jasmine-jquery-rails (2.0.3)
    json (2.2.0)
    kaminari (1.1.1)
      activesupport (>= 4.1.0)
      kaminari-actionview (= 1.1.1)
      kaminari-activerecord (= 1.1.1)
      kaminari-core (= 1.1.1)
    kaminari-actionview (1.1.1)
      actionview
      kaminari-core (= 1.1.1)
    kaminari-activerecord (1.1.1)
      activerecord
      kaminari-core (= 1.1.1)
    kaminari-core (1.1.1)
    launchy (2.4.3)
      addressable (~> 2.3)
    letter_opener (1.7.0)
      launchy (~> 2.2)
    listen (3.1.5)
      rb-fsevent (~> 0.9, >= 0.9.4)
      rb-inotify (~> 0.9, >= 0.9.7)
      ruby_dep (~> 1.2)
    loofah (2.3.1)
      crass (~> 1.0.2)
      nokogiri (>= 1.5.9)
    lumberjack (1.0.13)
    mail (2.7.1)
      mini_mime (>= 0.1.1)
    memory_profiler (0.9.14)
    meta-tags (2.11.1)
      actionpack (>= 3.2.0, < 6.1)
    method_source (0.9.2)
    mini_mime (1.0.2)
    mini_portile2 (2.4.0)
    minitest (5.12.2)
    nenv (0.3.0)
    newrelic_rpm (6.5.0.357)
    nio4r (2.5.1)
    nokogiri (1.10.5)
      mini_portile2 (~> 2.4.0)
    notiffany (0.1.3)
      nenv (~> 0.1)
      shellany (~> 0.0)
    orm_adapter (0.5.0)
    parallel (1.17.0)
    parser (2.6.4.0)
      ast (~> 2.4.0)
    pg (1.1.4)
    phantomjs (2.1.1.0)
    poltergeist (1.18.1)
      capybara (>= 2.1, < 4)
      cliver (~> 0.3.1)
      websocket-driver (>= 0.2.0)
    premailer (1.11.1)
      addressable
      css_parser (>= 1.6.0)
      htmlentities (>= 4.0.0)
    premailer-rails (1.10.3)
      actionmailer (>= 3)
      premailer (~> 1.7, >= 1.7.9)
    pry (0.12.2)
      coderay (~> 1.1.0)
      method_source (~> 0.9.0)
    pry-rails (0.3.9)
      pry (>= 0.10.4)
    public_suffix (4.0.1)
    puma (4.1.0)
      nio4r (~> 2.0)
    pundit (2.1.0)
      activesupport (>= 3.0.0)
    rack (2.0.8)
    rack-canonical-host (0.2.3)
      addressable (> 0, < 3)
      rack (>= 1.0.0, < 3)
    rack-test (1.1.0)
      rack (>= 1.0, < 3)
    rails (5.1.6.2)
      actioncable (= 5.1.6.2)
      actionmailer (= 5.1.6.2)
      actionpack (= 5.1.6.2)
      actionview (= 5.1.6.2)
      activejob (= 5.1.6.2)
      activemodel (= 5.1.6.2)
      activerecord (= 5.1.6.2)
      activesupport (= 5.1.6.2)
      bundler (>= 1.3.0)
      railties (= 5.1.6.2)
      sprockets-rails (>= 2.0.0)
    rails-assets-jquery (3.4.1)
    rails-assets-jquery-ujs (1.2.2)
      rails-assets-jquery (> 1.8)
    rails-assets-jquery2 (2.0.0)
    rails-dom-testing (2.0.3)
      activesupport (>= 4.2.0)
      nokogiri (>= 1.6)
    rails-erd (1.6.0)
      activerecord (>= 4.2)
      activesupport (>= 4.2)
      choice (~> 0.2.0)
      ruby-graphviz (~> 1.2)
    rails-html-sanitizer (1.2.0)
      loofah (~> 2.2, >= 2.2.2)
    railties (5.1.6.2)
      actionpack (= 5.1.6.2)
      activesupport (= 5.1.6.2)
      method_source
      rake (>= 0.8.7)
      thor (>= 0.18.1, < 2.0)
    rainbow (3.0.0)
    rake (12.3.3)
    rb-fsevent (0.10.3)
    rb-inotify (0.10.0)
      ffi (~> 1.0)
    regexp_parser (1.6.0)
    request_store (1.4.1)
      rack (>= 1.4)
    responders (3.0.0)
      actionpack (>= 5.0)
      railties (>= 5.0)
    rollbar (2.22.1)
    rspec (3.8.0)
      rspec-core (~> 3.8.0)
      rspec-expectations (~> 3.8.0)
      rspec-mocks (~> 3.8.0)
    rspec-core (3.8.2)
      rspec-support (~> 3.8.0)
    rspec-expectations (3.8.4)
      diff-lcs (>= 1.2.0, < 2.0)
      rspec-support (~> 3.8.0)
    rspec-its (1.3.0)
      rspec-core (>= 3.0.0)
      rspec-expectations (>= 3.0.0)
    rspec-mocks (3.8.1)
      diff-lcs (>= 1.2.0, < 2.0)
      rspec-support (~> 3.8.0)
    rspec-rails (3.8.2)
      actionpack (>= 3.0)
      activesupport (>= 3.0)
      railties (>= 3.0)
      rspec-core (~> 3.8.0)
      rspec-expectations (~> 3.8.0)
      rspec-mocks (~> 3.8.0)
      rspec-support (~> 3.8.0)
    rspec-support (3.8.2)
    rubocop (0.74.0)
      jaro_winkler (~> 1.5.1)
      parallel (~> 1.10)
      parser (>= 2.6)
      rainbow (>= 2.2.2, < 4.0)
      ruby-progressbar (~> 1.7)
      unicode-display_width (>= 1.4.0, < 1.7)
    rubocop-rspec (1.35.0)
      rubocop (>= 0.60.0)
    ruby-graphviz (1.2.4)
    ruby-progressbar (1.10.1)
    ruby_dep (1.5.0)
    safe_yaml (1.0.5)
    sass (3.7.4)
      sass-listen (~> 4.0.0)
    sass-listen (4.0.0)
      rb-fsevent (~> 0.9, >= 0.9.4)
      rb-inotify (~> 0.9, >= 0.9.7)
    sass-rails (5.0.7)
      railties (>= 4.0.0, < 6)
      sass (~> 3.1)
      sprockets (>= 2.8, < 4.0)
      sprockets-rails (>= 2.0, < 4.0)
      tilt (>= 1.1, < 3)
    scss_lint (0.58.0)
      rake (>= 0.9, < 13)
      sass (~> 3.5, >= 3.5.5)
    seedbank (0.5.0)
      rake (>= 10.0)
    shellany (0.0.1)
    shoulda-matchers (4.1.2)
      activesupport (>= 4.2.0)
    simple_form (5.0.0)
      actionpack (>= 5.0)
      activemodel (>= 5.0)
    simplecov (0.13.0)
      docile (~> 1.1.0)
      json (>= 1.8, < 3)
      simplecov-html (~> 0.10.0)
    simplecov-html (0.10.2)
    slim (4.0.1)
      temple (>= 0.7.6, < 0.9)
      tilt (>= 2.0.6, < 2.1)
    slim-rails (3.2.0)
      actionpack (>= 3.1)
      railties (>= 3.1)
      slim (>= 3.0, < 5.0)
    slim_lint (0.17.1)
      rake (>= 10, < 13)
      rubocop (>= 0.50.0)
      slim (>= 3.0, < 5.0)
      sysexits (~> 1.1)
    spring (2.1.0)
    spring-commands-rspec (1.0.4)
      spring (>= 0.9.1)
    spring-watcher-listen (2.0.1)
      listen (>= 2.7, < 4.0)
      spring (>= 1.2, < 3.0)
    sprockets (3.7.2)
      concurrent-ruby (~> 1.0)
      rack (> 1, < 3)
    sprockets-es6 (0.9.2)
      babel-source (>= 5.8.11)
      babel-transpiler
      sprockets (>= 3.0.0)
    sprockets-rails (3.2.1)
      actionpack (>= 4.0)
      activesupport (>= 4.0)
      sprockets (>= 3.0.0)
    stackprof (0.2.12)
    sysexits (1.2.0)
    temple (0.8.1)
    terminal-notifier-guard (1.7.0)
    thor (0.20.3)
    thread_safe (0.3.6)
    tilt (2.0.9)
    tzinfo (1.2.5)
      thread_safe (~> 0.1)
    uglifier (4.1.20)
      execjs (>= 0.3.0, < 3)
    unicode-display_width (1.6.0)
    uniform_notifier (1.12.1)
    warden (1.2.8)
      rack (>= 2.0.6)
    web-console (3.7.0)
      actionview (>= 5.0)
      activemodel (>= 5.0)
      bindex (>= 0.4.0)
      railties (>= 5.0)
    webmock (3.7.1)
      addressable (>= 2.3.6)
      crack (>= 0.3.2)
      hashdiff (>= 0.4.0, < 2.0.0)
    websocket-driver (0.6.5)
      websocket-extensions (>= 0.1.0)
    websocket-extensions (0.1.4)
    xpath (3.2.0)
      nokogiri (~> 1.8)

PLATFORMS
  ruby

DEPENDENCIES
  active_link_to
  autoprefixer-rails
  awesome_print
  brakeman
  bullet
  bundler-audit
  byebug
  capybara
  codeclimate-test-reporter
  coffee-rails
  coffeelint
  database_cleaner
  decent_decoration
  decent_exposure
  devise (>= 4.7.1)
  dotenv-rails
  draper
  email_spec
  factory_bot_rails
  faker
  flamegraph
  formulaic
  foundation-icons-sass-rails
  foundation-rails
  google-analytics-rails
  guard-rspec
  health_check
  inky-rb
  interactor
  jasmine (> 2.0)
  jasmine-jquery-rails
  kaminari
  launchy
  letter_opener
  memory_profiler
  meta-tags
  newrelic_rpm
  pg
  poltergeist
  premailer-rails
  pry-rails
  puma
  pundit
  rack-canonical-host
  rack-mini-profiler!
  rails (= 5.1.6.2)
  rails-assets-jquery-ujs!
  rails-assets-jquery2!
  rails-erd
  responders
  rollbar
  rspec-its
  rspec-rails (~> 3.5)
  rubocop
  rubocop-rspec
  sass-rails (~> 5.0.0, >= 5.0.6)
  scss_lint
  seedbank
  shoulda-matchers
  simple_form
  slim
  slim-rails
  slim_lint
  spring
  spring-commands-rspec
  spring-watcher-listen
  stackprof
  terminal-notifier-guard
  uglifier (>= 2.7.2)
  web-console
  webmock

RUBY VERSION
   ruby 2.4.2p198

BUNDLED WITH
   2.0.2
